GEM
  remote: https://rubygems.org/
  specs:
    coderay (1.1.3)
    debase (2.3.2)
      debase-ruby_core_source (~> 0.10.11)
    debase-ruby_core_source (0.10.12)
    diff-lcs (1.5.0)
    method_source (1.0.0)
    pry (0.14.1)
      coderay (~> 1.1)
      method_source (~> 1.0)
    rspec (3.12.0)
      rspec-core (~> 3.12.0)
      rspec-expectations (~> 3.12.0)
      rspec-mocks (~> 3.12.0)
    rspec-core (3.12.0)
      rspec-support (~> 3.12.0)
    rspec-expectations (3.12.0)
      diff-lcs (>= 1.2.0, < 2.0)
      rspec-support (~> 3.12.0)
    rspec-mocks (3.12.0)
      diff-lcs (>= 1.2.0, < 2.0)
      rspec-support (~> 3.12.0)
    rspec-support (3.12.0)
    ruby-debug-ide (2.3.1)
      debase (~> 2.3.2)

PLATFORMS
  x86_64-darwin-19

DEPENDENCIES
  debase
  pry
  rspec
  ruby-debug-ide

BUNDLED WITH
   2.2.16
